GEM
  remote: https://rubygems.org/
  specs:
    base64 (0.2.0)
    httparty (0.21.0)
      mini_mime (>= 1.0.0)
      multi_xml (>= 0.5.2)
    mini_mime (1.1.5)
    multi_xml (0.6.0)
    nio4r (2.7.0)
    prometheus-client (4.2.2)
    puma (6.4.2)
      nio4r (~> 2.0)
    rack (2.2.8)
    rack-protection (3.1.0)
      rack (~> 2.2, >= 2.2.4)
    sinatra (3.1.0)
      mustermann (~> 3.0)
      rack (~> 2.2, >= 2.2.4)
      rack-protection (= 3.1.0)
      tilt (~> 2.0)
    mustermann (3.0.0)
      ruby2_keywords (~> 0.0.1)
    ruby2_keywords (0.0.5)
    tilt (2.3.0)

PLATFORMS
  ruby

DEPENDENCIES
  httparty (~> 0.21)
  prometheus-client (~> 4.0)
  puma (~> 6.0)
  sinatra (~> 3.0)

RUBY VERSION
   ruby 3.2.0p0

BUNDLED WITH
   2.4.1